GEM
  remote: https://rubygems.org/
  specs:
    addressable (2.2.6)
    celluloid (0.16.0)
      timers (~> 4.0.0)
    coffee-script (2.3.0)
      coffee-script-source
      execjs
    coffee-script-source (1.8.0)
    execjs (2.2.2)
    ffi (1.9.6)
    foreman (0.24.0)
      term-ansicolor (~> 1.0.5)
      thor (>= 0.13.6)
    heroku (2.17.0)
      launchy (>= 0.3.2)
      rest-client (~> 1.6.1)
      rubyzip
      term-ansicolor (~> 1.0.5)
    hitimes (1.2.2)
    launchy (2.0.5)
      addressable (~> 2.2.6)
    listen (2.8.5)
      celluloid (>= 0.15.2)
      rb-fsevent (>= 0.9.3)
      rb-inotify (>= 0.9)
    mime-types (1.17.2)
    rack (1.4.0)
    rack-protection (1.2.0)
      rack
    rb-fsevent (0.9.4)
    rb-inotify (0.9.5)
      ffi (>= 0.5.0)
    rerun (0.10.0)
      listen (~> 2.7, >= 2.7.3)
    rest-client (1.6.7)
      mime-types (>= 1.16)
    rubyzip (0.9.4)
    sinatra (1.3.2)
      rack (~> 1.3, >= 1.3.6)
      rack-protection (~> 1.2)
      tilt (~> 1.3, >= 1.3.3)
    slim (2.1.0)
      temple (~> 0.6.9)
      tilt (>= 1.3.3, < 2.1)
    temple (0.6.10)
    term-ansicolor (1.0.7)
    thor (0.14.6)
    tilt (1.3.3)
    timers (4.0.1)
      hitimes

PLATFORMS
  ruby

DEPENDENCIES
  coffee-script
  foreman
  heroku
  rerun
  sinatra
  slim
